GEM
  remote: https://rubygems.org/
  specs:
    actionmailer (3.2.12)
      actionpack (= 3.2.12)
      mail (~> 2.4.4)
    actionpack (3.2.12)
      activemodel (= 3.2.12)
      activesupport (= 3.2.12)
      builder (~> 3.0.0)
      erubis (~> 2.7.0)
      journey (~> 1.0.4)
      rack (~> 1.4.5)
      rack-cache (~> 1.2)
      rack-test (~> 0.6.1)
      sprockets (~> 2.2.1)
    activemodel (3.2.12)
      activesupport (= 3.2.12)
      builder (~> 3.0.0)
    activerecord (3.2.12)
      activemodel (= 3.2.12)
      activesupport (= 3.2.12)
      arel (~> 3.0.2)
      tzinfo (~> 0.3.29)
    activeresource (3.2.12)
      activemodel (= 3.2.12)
      activesupport (= 3.2.12)
    activesupport (3.2.12)
      i18n (~> 0.6)
      multi_json (~> 1.0)
    addressable (2.3.2)
    arel (3.0.2)
    builder (3.0.4)
    capistrano (2.13.5)
      highline
      net-scp (>= 1.0.0)
      net-sftp (>= 2.0.0)
      net-ssh (>= 2.0.14)
      net-ssh-gateway (>= 1.1.0)
    capybara (2.0.2)
      mime-types (>= 1.16)
      nokogiri (>= 1.3.3)
      rack (>= 1.0.0)
      rack-test (>= 0.5.4)
      selenium-webdriver (~> 2.0)
      xpath (~> 1.0.0)
    celluloid (0.12.4)
      facter (>= 1.6.12)
      timers (>= 1.0.0)
    childprocess (0.3.6)
      ffi (~> 1.0, >= 1.0.6)
    coderay (1.0.8)
    connection_pool (1.0.0)
    crack (0.3.2)
    diff-lcs (1.1.3)
    erubis (2.7.0)
    execjs (1.4.0)
      multi_json (~> 1.0)
    facter (1.6.17)
    factory_girl (4.1.0)
      activesupport (>= 3.0.0)
    factory_girl_rails (4.1.0)
      factory_girl (~> 4.1.0)
      railties (>= 3.0.0)
    faker (1.1.2)
      i18n (~> 0.5)
    faraday (0.8.4)
      multipart-post (~> 1.1)
    faraday_middleware (0.9.0)
      faraday (>= 0.7.4, < 0.9)
    ffi (1.3.1)
    foursquare2 (1.9.3)
      faraday (~> 0.8)
      faraday_middleware (>= 0.8)
      hashie (~> 1.0)
    guard (1.6.1)
      listen (>= 0.6.0)
      lumberjack (>= 1.0.2)
      pry (>= 0.9.10)
      thor (>= 0.14.6)
    guard-rspec (2.3.3)
      guard (>= 1.1)
      rspec (~> 2.11)
    hashie (1.2.0)
    highline (1.6.15)
    hike (1.2.1)
    httparty (0.10.2)
      multi_json (~> 1.0)
      multi_xml (>= 0.5.2)
    httpauth (0.2.0)
    i18n (0.6.1)
    journey (1.0.4)
    jquery-rails (2.2.0)
      railties (>= 3.0, < 5.0)
      thor (>= 0.14, < 2.0)
    json (1.7.7)
    jwt (0.1.5)
      multi_json (>= 1.0)
    kgio (2.7.4)
    libwebsocket (0.1.7.1)
      addressable
      websocket
    listen (0.7.1)
    lumberjack (1.0.2)
    mail (2.4.4)
      i18n (>= 0.4.0)
      mime-types (~> 1.16)
      treetop (~> 1.4.8)
    metaclass (0.0.1)
    method_source (0.8.1)
    mime-types (1.21)
    mocha (0.13.1)
      metaclass (~> 0.0.1)
    multi_json (1.5.1)
    multi_xml (0.5.2)
    multipart-post (1.1.5)
    net-scp (1.0.4)
      net-ssh (>= 1.99.1)
    net-sftp (2.0.5)
      net-ssh (>= 2.0.9)
    net-ssh (2.6.1)
    net-ssh-gateway (1.1.0)
      net-ssh (>= 1.99.1)
    nokogiri (1.5.6)
    oauth2 (0.8.0)
      faraday (~> 0.8)
      httpauth (~> 0.1)
      jwt (~> 0.1.4)
      multi_json (~> 1.0)
      rack (~> 1.2)
    omniauth (1.1.1)
      hashie (~> 1.2)
      rack
    omniauth-foursquare (0.0.8)
      omniauth (~> 1.0)
      omniauth-oauth2 (~> 1.0)
    omniauth-oauth2 (1.1.1)
      oauth2 (~> 0.8.0)
      omniauth (~> 1.0)
    pg (0.14.1)
    polyglot (0.3.3)
    pry (0.9.10)
      coderay (~> 1.0.5)
      method_source (~> 0.8)
      slop (~> 3.3.1)
    pry-rails (0.2.2)
      pry (>= 0.9.10)
    rack (1.4.5)
    rack-cache (1.2)
      rack (>= 0.4)
    rack-ssl (1.3.3)
      rack
    rack-test (0.6.2)
      rack (>= 1.0)
    rails (3.2.12)
      actionmailer (= 3.2.12)
      actionpack (= 3.2.12)
      activerecord (= 3.2.12)
      activeresource (= 3.2.12)
      activesupport (= 3.2.12)
      bundler (~> 1.0)
      railties (= 3.2.12)
    railties (3.2.12)
      actionpack (= 3.2.12)
      activesupport (= 3.2.12)
      rack-ssl (~> 1.3.2)
      rake (>= 0.8.7)
      rdoc (~> 3.4)
      thor (>= 0.14.6, < 2.0)
    raindrops (0.10.0)
    rake (10.0.3)
    rb-fsevent (0.9.3)
    rdoc (3.12.1)
      json (~> 1.4)
    redis (3.0.2)
    redis-namespace (1.2.1)
      redis (~> 3.0.0)
    rspec (2.12.0)
      rspec-core (~> 2.12.0)
      rspec-expectations (~> 2.12.0)
      rspec-mocks (~> 2.12.0)
    rspec-core (2.12.2)
    rspec-expectations (2.12.1)
      diff-lcs (~> 1.1.3)
    rspec-mocks (2.12.1)
    rspec-rails (2.12.1)
      actionpack (>= 3.0)
      activesupport (>= 3.0)
      railties (>= 3.0)
      rspec-core (~> 2.12.0)
      rspec-expectations (~> 2.12.0)
      rspec-mocks (~> 2.12.0)
    rspec-rails-mocha (0.3.2)
      mocha (>= 0.9.8)
      rspec-rails (>= 2.0.0)
    rubyzip (0.9.9)
    selenium-webdriver (2.27.2)
      childprocess (>= 0.2.5)
      libwebsocket (~> 0.1.3)
      multi_json (~> 1.0)
      rubyzip
    sidekiq (2.6.5)
      celluloid (~> 0.12.0)
      connection_pool (~> 1.0)
      multi_json (~> 1)
      redis (~> 3)
      redis-namespace
    slop (3.3.3)
    sprockets (2.2.2)
      hike (~> 1.2)
      multi_json (~> 1.0)
      rack (~> 1.0)
      tilt (~> 1.1, != 1.3.0)
    terminal-notifier-guard (1.5.3)
    thor (0.17.0)
    tilt (1.3.3)
    timers (1.1.0)
    treetop (1.4.12)
      polyglot
      polyglot (>= 0.3.1)
    tzinfo (0.3.35)
    uglifier (1.3.0)
      execjs (>= 0.3.0)
      multi_json (~> 1.0, >= 1.0.2)
    unicorn (4.5.0)
      kgio (~> 2.6)
      rack
      raindrops (~> 0.7)
    vcr (2.4.0)
    webmock (1.8.11)
      addressable (>= 2.2.7)
      crack (>= 0.1.7)
    websocket (1.0.6)
    xpath (1.0.0)
      nokogiri (~> 1.3)

PLATFORMS
  ruby

DEPENDENCIES
  capistrano
  capybara
  factory_girl_rails
  faker
  foursquare2
  guard-rspec
  httparty
  jquery-rails
  omniauth-foursquare
  pg
  pry-rails
  rails (= 3.2.12)
  rb-fsevent (~> 0.9.1)
  rspec-rails
  rspec-rails-mocha
  sidekiq
  terminal-notifier-guard
  uglifier (>= 1.0.3)
  unicorn
  vcr
  webmock (~> 1.8.0)
